GEM
  remote: https://rubygems.org/
  specs:
    ast (2.4.0)
    backport (0.3.0)
    backticks (1.0.2)
    daemons (1.3.1)
    docker-compose (1.1.10)
      backticks (~> 1.0)
    docker-sync (0.5.10)
      daemons (~> 1.2, >= 1.2.3)
      docker-compose (~> 1.1, >= 1.1.7)
      dotenv (~> 2.1, >= 2.1.1)
      gem_update_checker (~> 0.2.0, >= 0.2.0)
      os
      terminal-notifier (= 2.0.0)
      thor (~> 0.20, >= 0.20.0)
    dotenv (2.6.0)
    gem_update_checker (0.2.0)
    htmlentities (4.3.4)
    jaro_winkler (1.5.2)
    kramdown (1.17.0)
    mini_portile2 (2.4.0)
    nokogiri (1.10.1)
      mini_portile2 (~> 2.4.0)
    os (1.0.0)
    parallel (1.13.0)
    parser (2.6.0.0)
      ast (~> 2.4.0)
    powerpack (0.1.2)
    rainbow (3.0.0)
    reverse_markdown (1.1.0)
      nokogiri
    rubocop (0.63.1)
      jaro_winkler (~> 1.5.1)
      parallel (~> 1.10)
      parser (>= 2.5, != 2.5.1.1)
      powerpack (~> 0.1)
      rainbow (>= 2.2.2, < 4.0)
      ruby-progressbar (~> 1.7)
      unicode-display_width (~> 1.4.0)
    ruby-progressbar (1.10.0)
    solargraph (0.31.2)
      backport (~> 0.3)
      htmlentities (~> 4.3, >= 4.3.4)
      jaro_winkler (~> 1.5)
      kramdown (~> 1.16)
      parser (~> 2.3)
      reverse_markdown (~> 1.0, >= 1.0.5)
      rubocop (~> 0.52)
      thor (~> 0.19, >= 0.19.4)
      tilt (~> 2.0)
      yard (~> 0.9)
    terminal-notifier (2.0.0)
    thor (0.20.3)
    tilt (2.0.9)
    unicode-display_width (1.4.1)
    yard (0.9.18)

PLATFORMS
  ruby

DEPENDENCIES
  docker-sync
  rubocop
  solargraph

BUNDLED WITH
   1.17.3
